GEM
  remote: https://rubygems.org/
  specs:
    byebug (9.0.6)
    diff-lcs (1.3)
    erubis (2.7.0)
    rspec (3.5.0)
      rspec-core (~> 3.5.0)
      rspec-expectations (~> 3.5.0)
      rspec-mocks (~> 3.5.0)
    rspec-core (3.5.4)
      rspec-support (~> 3.5.0)
    rspec-expectations (3.5.0)
      diff-lcs (>= 1.2.0, < 2.0)
      rspec-support (~> 3.5.0)
    rspec-mocks (3.5.0)
      diff-lcs (>= 1.2.0, < 2.0)
      rspec-support (~> 3.5.0)
    rspec-sleeping_king_studios (2.2.2)
      rspec (~> 3.0)
      sleeping_king_studios-tools (>= 0.3.0)
    rspec-support (3.5.0)
    sleeping_king_studios-tools (0.7.0.beta.1)

PLATFORMS
  ruby

DEPENDENCIES
  byebug (~> 9.0, >= 9.0.6)
  erubis (~> 2.7.0)
  rspec (~> 3.5)
  rspec-sleeping_king_studios (~> 2.2, >= 2.2.2)
  sleeping_king_studios-tools (>= 0.7.0.beta.1)

BUNDLED WITH
   1.14.6
