GEM
  remote: https://rubygems.org/
  specs:
    byebug (11.0.1)
    diff-lcs (1.3)
    erubis (2.7.0)
    hashdiff (0.3.8)
    rspec (3.8.0)
      rspec-core (~> 3.8.0)
      rspec-expectations (~> 3.8.0)
      rspec-mocks (~> 3.8.0)
    rspec-core (3.8.0)
      rspec-support (~> 3.8.0)
    rspec-expectations (3.8.2)
      diff-lcs (>= 1.2.0, < 2.0)
      rspec-support (~> 3.8.0)
    rspec-mocks (3.8.0)
      diff-lcs (>= 1.2.0, < 2.0)
      rspec-support (~> 3.8.0)
    rspec-sleeping_king_studios (2.5.0)
      hashdiff (~> 0.3.8)
      rspec (~> 3.4)
      sleeping_king_studios-tools (~> 0.7)
    rspec-support (3.8.0)
    sleeping_king_studios-tools (0.7.1)

PLATFORMS
  ruby

DEPENDENCIES
  byebug (~> 11.0, >= 11.0.1)
  erubis (~> 2.7.0)
  rspec (~> 3.8)
  rspec-sleeping_king_studios (~> 2.5)
  sleeping_king_studios-tools (~> 0.7, >= 0.7.1)

BUNDLED WITH
   1.17.2
