GEM
  remote: https://rubygems.org/
  specs:
    ast (2.4.0)
    byebug (11.0.1)
    diff-lcs (1.3)
    erubi (1.8.0)
    hashdiff (0.3.8)
    jaro_winkler (1.5.2)
    parallel (1.14.0)
    parser (2.6.2.0)
      ast (~> 2.4.0)
    psych (3.1.0)
    rainbow (3.0.0)
    rspec (3.8.0)
      rspec-core (~> 3.8.0)
      rspec-expectations (~> 3.8.0)
      rspec-mocks (~> 3.8.0)
    rspec-core (3.8.0)
      rspec-support (~> 3.8.0)
    rspec-expectations (3.8.2)
      diff-lcs (>= 1.2.0, < 2.0)
      rspec-support (~> 3.8.0)
    rspec-mocks (3.8.0)
      diff-lcs (>= 1.2.0, < 2.0)
      rspec-support (~> 3.8.0)
    rspec-sleeping_king_studios (2.5.0)
      hashdiff (~> 0.3.8)
      rspec (~> 3.4)
      sleeping_king_studios-tools (~> 0.7)
    rspec-support (3.8.0)
    rubocop (0.66.0)
      jaro_winkler (~> 1.5.1)
      parallel (~> 1.10)
      parser (>= 2.5, != 2.5.1.1)
      psych (>= 3.1.0)
      rainbow (>= 2.2.2, < 4.0)
      ruby-progressbar (~> 1.7)
      unicode-display_width (>= 1.4.0, < 1.6)
    ruby-progressbar (1.10.0)
    sleeping_king_studios-tools (0.7.1)
    unicode-display_width (1.5.0)

PLATFORMS
  ruby

DEPENDENCIES
  byebug (~> 11.0, >= 11.0.1)
  erubi (~> 1.8.0)
  rspec (~> 3.8)
  rspec-sleeping_king_studios (~> 2.5)
  rubocop (~> 0.66.0)
  sleeping_king_studios-tools (~> 0.7, >= 0.7.1)

BUNDLED WITH
   1.17.2
